NUGET
  remote: http://www.nuget.org/api/v2
    IdentityServer3 (2.5)
      Owin (>= 1.0)
    Newtonsoft.Json (9.0.1)
    Owin (1.0)
    SecondLanguage (1.0.2.1)
